GIT
  remote: https://github.com/assaf/uuid.git
  revision: 81e5e1ef4e9d968aba6ae62f64a5e14ed7f42ce4
  specs:
    uuid (2.3.7)
      macaddr (~> 1.0)

GEM
  remote: https://rubygems.org/
  specs:
    json (1.8.3)
    macaddr (1.7.1)
      systemu (~> 2.6.2)
    rake (12.0.0)
    systemu (2.6.5)

PLATFORMS
  ruby

DEPENDENCIES
  json (~> 1.4)
  rake
  uuid!

BUNDLED WITH
   1.12.5
